GEM
  remote: https://rubygems.org/
  specs:
    activemodel (3.2.11)
      activesupport (= 3.2.11)
      builder (~> 3.0.0)
    activesupport (3.2.11)
      i18n (~> 0.6)
      multi_json (~> 1.0)
    builder (3.0.4)
    domain_name (0.5.20190701)
      unf (>= 0.0.5, < 1.0.0)
    foreman (0.61.0)
      thor (>= 0.13.6)
    hashr (0.0.22)
    http-cookie (1.0.4)
      domain_name (~> 0.5)
    i18n (0.6.1)
    librex (0.0.68)
    listen (0.7.2)
    mime-types (2.99.3)
    multi_json (1.5.0)
    netrc (0.11.0)
    rack (1.4.4)
    rack-protection (1.3.2)
      rack
    rake (10.0.3)
    rb-fsevent (0.9.3)
    redis (3.0.2)
    redis-namespace (1.2.1)
      redis (~> 3.0.0)
    rerun (0.7.1)
      listen
    resque (1.23.0)
      multi_json (~> 1.0)
      redis-namespace (~> 1.0)
      sinatra (>= 0.9.2)
      vegas (~> 0.1.2)
    rest-client (1.8.0)
      http-cookie (>= 1.0.2, < 2.0)
      mime-types (>= 1.16, < 3.0)
      netrc (~> 0.7)
    ruby-fifo (0.0.1)
    sinatra (1.3.3)
      rack (~> 1.3, >= 1.3.6)
      rack-protection (~> 1.2)
      tilt (~> 1.3, >= 1.3.3)
    thor (0.16.0)
    tilt (1.3.3)
    tire (0.5.4)
      activemodel (>= 3.0)
      hashr (~> 0.0.19)
      multi_json (~> 1.3)
      rake
      rest-client (~> 1.6)
    unf (0.1.4)
      unf_ext
    unf_ext (0.0.8.1)
    vegas (0.1.11)
      rack (>= 1.0.0)

PLATFORMS
  ruby

DEPENDENCIES
  foreman
  librex
  rb-fsevent (~> 0.9.1)
  rerun
  resque
  ruby-fifo
  sinatra
  tire
